PATH
  remote: ../dradis-plugins
  specs:
    dradis-plugins (3.5.0)

PATH
  remote: .
  specs:
    dradis-appspider (1.0.0)
      dradis-plugins (~> 3.2)

GEM
  remote: https://rubygems.org/
  specs:
    rake (10.5.0)

PLATFORMS
  ruby

DEPENDENCIES
  bundler (~> 1.6)
  dradis-appspider!
  dradis-plugins!
  rake (~> 10.0)

BUNDLED WITH
   1.11.2
